GEM
  remote: https://rubygems.org/
  specs:
    base64 (0.2.0)
    cloudally (0.3.0)
      faraday
      wrapi (>= 0.2.0)
    docile (1.4.1)
    dotenv (2.8.1)
    faraday (2.8.1)
      base64
      faraday-net_http (>= 2.0, < 3.1)
      ruby2_keywords (>= 0.0.4)
    faraday-net_http (3.0.2)
    hudu (0.3.1)
      faraday
      wrapi (>= 0.3.0)
    integra365 (0.2.0)
      faraday
      wrapi (>= 0.2.0)
    mocha (2.7.1)
      ruby2_keywords (>= 0.0.5)
    optparse (0.6.0)
    rexml (3.4.1)
    rss (0.3.1)
      rexml
    ruby2_keywords (0.0.5)
    simplecov (0.22.0)
      docile (~> 1.1)
      simplecov-html (~> 0.11)
      simplecov_json_formatter (~> 0.1)
    simplecov-html (0.13.1)
    simplecov_json_formatter (0.1.4)
    skykick (0.2.1)
      faraday
      wrapi (>= 0.2.0)
    sophos_central_api (0.2.1)
      faraday
      wrapi (>= 0.3.0)
    veeam (0.2.0)
      faraday
      wrapi (>= 0.2.0)
    wrapi (0.4.8)
      faraday
    zabbix_api_gem (0.3.3)
      faraday
      wrapi (>= 0.2.0)
    zammad_api (1.2.0)
      faraday (~> 2)

PLATFORMS
  x64-mingw32

DEPENDENCIES
  cloudally
  dotenv
  faraday
  hudu
  integra365
  mocha
  optparse
  rss
  simplecov
  skykick
  sophos_central_api (>= 0.1.2)
  veeam
  zabbix_api_gem
  zammad_api

BUNDLED WITH
   2.4.22
