GEM
  remote: https://rubygems.org/
  specs:
    cloudally (0.2.0)
      faraday
    dotenv (2.8.1)
    faraday (1.10.3)
      faraday-em_http (~> 1.0)
      faraday-em_synchrony (~> 1.0)
      faraday-excon (~> 1.1)
      faraday-httpclient (~> 1.0)
      faraday-multipart (~> 1.0)
      faraday-net_http (~> 1.0)
      faraday-net_http_persistent (~> 1.0)
      faraday-patron (~> 1.0)
      faraday-rack (~> 1.0)
      faraday-retry (~> 1.0)
      ruby2_keywords (>= 0.0.4)
    faraday-em_http (1.0.0)
    faraday-em_synchrony (1.0.0)
    faraday-excon (1.1.0)
    faraday-httpclient (1.0.1)
    faraday-multipart (1.0.4)
      multipart-post (~> 2)
    faraday-net_http (1.0.1)
    faraday-net_http_persistent (1.2.0)
    faraday-patron (1.0.0)
    faraday-rack (1.0.0)
    faraday-retry (1.0.3)
    multipart-post (2.3.0)
    optparse (0.4.0)
    rexml (3.2.6)
    rss (0.3.0)
      rexml
    ruby2_keywords (0.0.5)
    zammad_api (1.1.0)
      faraday (~> 1)

PLATFORMS
  x64-mingw32

DEPENDENCIES
  cloudally
  dotenv
  faraday
  optparse
  rss
  zammad_api

BUNDLED WITH
   2.2.12
